GEM
  remote: https://rubygems.org/
  specs:
    activesupport (6.1.7.3)
      concurrent-ruby (~> 1.0, >= 1.0.2)
      i18n (>= 1.6, < 2)
      minitest (>= 5.1)
      tzinfo (~> 2.0)
      zeitwerk (~> 2.3)
    color (1.8)
    colorize (0.8.1)
    concurrent-ruby (1.0.2)
    concurrent-ruby-edge (0.2.2)
      concurrent-ruby (~> 1.0.2)
    i18n (1.12.0)
      concurrent-ruby (~> 1.0)
    minitest (5.18.0)
    tzinfo (2.0.6)
      concurrent-ruby (~> 1.0)
    zeitwerk (2.6.7)

PLATFORMS
  ruby

DEPENDENCIES
  activesupport
  color
  colorize
  concurrent-ruby-edge

BUNDLED WITH
   1.14.6
